GEM
  remote: https://rubygems.org/
  specs:
    minitest (5.11.3)
    rake (12.3.1)
    ruby-ole (1.2.12.1)
    spreadsheet (1.1.7)
      ruby-ole (>= 1.0)

PLATFORMS
  ruby
  x86-mingw32
  x86_64-linux

DEPENDENCIES
  minitest!
  rake!
  spreadsheet!

BUNDLED WITH
   1.16.6
