GEM
  remote: https://rubygems.org/
  specs:
    mini_portile2 (2.4.0)
    minitest (5.11.3)
    nokogiri (1.9.1-x86-mingw32)
      mini_portile2 (~> 2.4.0)
    rake (12.3.1)
    roo (2.7.1)
      nokogiri (~> 1)
      rubyzip (~> 1.1, < 2.0.0)
    ruby-ole (1.2.12.1)
    rubyzip (1.2.2)
    spreadsheet (1.1.7)
      ruby-ole (>= 1.0)

PLATFORMS
  x86-mingw32

DEPENDENCIES
  minitest!
  rake!
  roo (~> 2.7.0)!
  spreadsheet!

BUNDLED WITH
   1.16.6
